NUGET
  remote: https://nuget.org/api/v2
  specs:
    FSharp.Core (4.0.0.1)
    Fuchu (1.0.2)
      FSharp.Core (>= 3.1.2.1)
